GIT
  remote: https://github.com/fgrehm/vagrant-cachier
  revision: 246ab523807199eded8599a6f93c9ff808aeb1fd
  specs:
    vagrant-cachier (0.3.3.dev)

GIT
  remote: https://github.com/fgrehm/vagrant-lxc
  revision: 8fcb6d2a06c25c8e1dcf71493c09e7f4e103ff89
  specs:
    vagrant-lxc (0.5.1.dev)

GIT
  remote: https://github.com/fgrehm/vagrant-pristine
  revision: 5c400d7850fc5f98d9601b59f4c3bd74818650de
  specs:
    vagrant-pristine (0.2.0)

GIT
  remote: https://github.com/mitchellh/vagrant
  revision: e34cdbf86dca4a02f528b52d02cc10ca1c7682c3
  specs:
    vagrant (1.2.8.dev)
      childprocess (~> 0.3.7)
      erubis (~> 2.7.0)
      i18n (~> 0.6.0)
      log4r (~> 1.1.9)
      net-scp (~> 1.1.0)
      net-ssh (~> 2.6.6)

PATH
  remote: .
  specs:
    bindler (0.1.4)

GEM
  remote: https://rubygems.org/
  specs:
    childprocess (0.3.9)
      ffi (~> 1.0, >= 1.0.11)
    erubis (2.7.0)
    ffi (1.9.0)
    i18n (0.6.5)
    log4r (1.1.10)
    net-scp (1.1.2)
      net-ssh (>= 2.6.5)
    net-ssh (2.6.8)
    rake (10.1.0)

PLATFORMS
  ruby

DEPENDENCIES
  bindler!
  bundler (~> 1.3)
  rake
  vagrant!
  vagrant-cachier!
  vagrant-lxc!
  vagrant-pristine!
