GIT
  remote: git://github.com/fgrehm/vagrant-cachier.git
  revision: ae6cb5bcfbdbb2157867d77ded8f2b6f430c0f6c
  specs:
    vagrant-cachier (0.2.0)

GIT
  remote: git://github.com/fgrehm/vagrant-lxc.git
  revision: 14c1ebfd7c6327307289de86c005a392d0a4d253
  specs:
    vagrant-lxc (0.4.0.dev)

GIT
  remote: git://github.com/fgrehm/vagrant-pristine.git
  revision: 45a8d75f048bd611e337583496eb2b48b6998bbd
  specs:
    vagrant-pristine (0.1.0)

GIT
  remote: git://github.com/mitchellh/vagrant.git
  revision: abd22dfe72eedc74f1e41a1d0d6095e25bd87c72
  specs:
    vagrant (1.2.4.dev)
      childprocess (~> 0.3.7)
      erubis (~> 2.7.0)
      i18n (~> 0.6.0)
      log4r (~> 1.1.9)
      net-scp (~> 1.1.0)
      net-ssh (~> 2.6.6)

PATH
  remote: .
  specs:
    vundler (0.0.4)

GEM
  remote: https://rubygems.org/
  specs:
    childprocess (0.3.9)
      ffi (~> 1.0, >= 1.0.11)
    erubis (2.7.0)
    ffi (1.9.0)
    i18n (0.6.4)
    log4r (1.1.10)
    net-scp (1.1.2)
      net-ssh (>= 2.6.5)
    net-ssh (2.6.8)
    rake (10.1.0)

PLATFORMS
  ruby

DEPENDENCIES
  bundler (~> 1.3)
  rake
  vagrant!
  vagrant-cachier!
  vagrant-lxc!
  vagrant-pristine!
  vundler!
